GEM
  remote: https://rubygems.org/
  specs:
    ffi (1.9.10)
    msgpack (0.6.2)
    newrelic_rpm (3.12.1.298)
    rack (1.6.4)
    rack-protection (1.5.3)
      rack
    rbtrace (0.4.7)
      ffi (>= 1.0.6)
      msgpack (>= 0.4.3)
      trollop (>= 1.16.2)
    sinatra (1.4.6)
      rack (~> 1.4)
      rack-protection (~> 1.4)
      tilt (>= 1.3, < 3)
    tilt (2.0.1)
    trollop (2.1.2)

PLATFORMS
  ruby

DEPENDENCIES
  newrelic_rpm
  rbtrace
  sinatra

BUNDLED WITH
   1.10.6
